PATH
  remote: .
  specs:
    fms-admin-api (1.1)
      activesupport (> 3.0)
      colorize
      nokogiri (> 1.5.9)

GEM
  remote: http://rubygems.org/
  specs:
    activesupport (4.0.0)
      i18n (~> 0.6, >= 0.6.4)
      minitest (~> 4.2)
      multi_json (~> 1.3)
      thread_safe (~> 0.1)
      tzinfo (~> 0.3.37)
    atomic (1.1.14)
    colorize (0.6.0)
    i18n (0.6.5)
    mini_portile (0.5.1)
    minitest (4.7.5)
    multi_json (1.8.1)
    nokogiri (1.6.0)
      mini_portile (~> 0.5.0)
    thread_safe (0.1.3)
      atomic
    tzinfo (0.3.37)

PLATFORMS
  ruby

DEPENDENCIES
  fms-admin-api!
