PATH
  remote: .
  specs:
    fms-admin-api (1.1)
      activesupport (~> 3)
      colorize
      nokogiri (~> 1.5.9)

GEM
  remote: http://rubygems.org/
  specs:
    activesupport (3.2.13)
      i18n (= 0.6.1)
      multi_json (~> 1.0)
    colorize (0.5.8)
    i18n (0.6.1)
    multi_json (1.7.6)
    nokogiri (1.5.10)

PLATFORMS
  ruby

DEPENDENCIES
  fms-admin-api!
